GIT
  remote: https://github.com/aaaa777/ruby.wasm.git
  revision: 9fd8f420d57c0efab60c7521b9680b9d70455a3a
  specs:
    ruby_wasm (2.6.2.dev)

GEM
  remote: https://rubygems.org/
  specs:
    diff-lcs (1.5.1)
    rspec (3.13.0)
      rspec-core (~> 3.13.0)
      rspec-expectations (~> 3.13.0)
      rspec-mocks (~> 3.13.0)
    rspec-core (3.13.1)
      rspec-support (~> 3.13.0)
    rspec-expectations (3.13.3)
      diff-lcs (>= 1.2.0, < 2.0)
      rspec-support (~> 3.13.0)
    rspec-mocks (3.13.2)
      diff-lcs (>= 1.2.0, < 2.0)
      rspec-support (~> 3.13.0)
    rspec-support (3.13.1)

PLATFORMS
  arm64-darwin-23
  ruby

DEPENDENCIES
  rspec
  ruby_wasm!

BUNDLED WITH
   2.5.9
